GEM
  remote: https://rubygems.org/
  specs:
    fedexvichuge (0.1.1)

PLATFORMS
  arm64-darwin-21

DEPENDENCIES
  fedexvichuge (~> 0.1.1)

BUNDLED WITH
   2.3.15
